PATH
  remote: .
  specs:
    sprintility (0.1.dev)
      nokogiri
      rake
      typhoeus (~> 0.2.4)

GEM
  remote: http://rubygems.org/
  specs:
    columnize (0.3.6)
    diff-lcs (1.1.3)
    json (1.6.5)
    linecache (0.46)
      rbx-require-relative (> 0.0.4)
    mime-types (1.18)
    mimic (0.4.3)
      json
      plist
      rack
      sinatra
    nokogiri (1.5.2)
    plist (3.1.0)
    rack (1.4.1)
    rack-protection (1.2.0)
      rack
    rake (0.9.2.2)
    rbx-require-relative (0.0.9)
    rspec (2.9.0)
      rspec-core (~> 2.9.0)
      rspec-expectations (~> 2.9.0)
      rspec-mocks (~> 2.9.0)
    rspec-core (2.9.0)
    rspec-expectations (2.9.0)
      diff-lcs (~> 1.1.3)
    rspec-mocks (2.9.0)
    ruby-debug (0.10.4)
      columnize (>= 0.1)
      ruby-debug-base (~> 0.10.4.0)
    ruby-debug-base (0.10.4)
      linecache (>= 0.3)
    sinatra (1.3.2)
      rack (~> 1.3, >= 1.3.6)
      rack-protection (~> 1.2)
      tilt (~> 1.3, >= 1.3.3)
    tilt (1.3.3)
    typhoeus (0.2.4)
      mime-types
      mime-types

PLATFORMS
  ruby

DEPENDENCIES
  mimic
  rake
  rspec
  ruby-debug
  sprintility!
